GEM
  remote: https://rubygems.org/
  specs:
    minitest (5.10.3)
    rake (12.3.3)

PLATFORMS
  ruby

DEPENDENCIES
  minitest (~> 5.10.2)
  rake

RUBY VERSION
   ruby 2.6.3p62

BUNDLED WITH
   1.17.3
